REDIRECTS: ON
NUGET
  remote: https://nuget.org/api/v2
  specs:
    EventStore.Client (3.0.2)
    ExtCore (0.8.45)
    FsPickler (1.0.16)
    FsPickler.Json (1.0.16)
      FsPickler (1.0.16)
      Newtonsoft.Json (>= 6.0.5)
    Microsoft.Owin (3.0.1)
      Owin (>= 1.0)
    Newtonsoft.Json (6.0.8)
    Owin (1.0)
